PATH
  remote: ../
  specs:
    kiba-plus (0.1.2)
      kiba (~> 0.6)
      mysql2 (~> 0.4)
      pg (~> 0.18)

GEM
  remote: https://rubygems.org/
  specs:
    coderay (1.1.1)
    kiba (0.6.1)
    method_source (0.8.2)
    mysql2 (0.4.4)
    pg (0.18.4)
    pry (0.10.3)
      coderay (~> 1.1.0)
      method_source (~> 0.8.1)
      slop (~> 3.4)
    slop (3.6.0)

PLATFORMS
  ruby

DEPENDENCIES
  kiba-plus!
  pry

BUNDLED WITH
   1.11.2
